GEM
  remote: https://rubygems.org/
  specs:
    eps (0.4.1)
      lightgbm (>= 0.1.7)
      matrix
      nokogiri
    ffi (1.15.5)
    lightgbm (0.2.6)
      ffi
    matrix (0.4.2)
    nokogiri (1.13.8-x86_64-darwin)
      racc (~> 1.4)
    numo-narray (0.9.2.1)
    racc (1.6.0)
    rover-df (0.3.4)
      numo-narray (>= 0.9.1.9)

PLATFORMS
  x86_64-darwin-21

DEPENDENCIES
  eps
  rover-df

BUNDLED WITH
   2.3.21
